PATH
  remote: .
  specs:
    consimilo (0.1.0)

GEM
  remote: https://rubygems.org/
  specs:
    minitest (5.16.0)
    rake (13.0.6)

PLATFORMS
  ruby
  x64-mingw32

DEPENDENCIES
  bundler (~> 2.0)
  consimilo!
  minitest (~> 5.0)
  rake (~> 13.0)

BUNDLED WITH
   2.0.1
