PATH
  remote: .
  specs:
    consimilo (0.1.0)

GEM
  remote: https://rubygems.org/
  specs:
    minitest (5.14.1)
    rake (10.5.0)

PLATFORMS
  ruby
  x64-mingw32

DEPENDENCIES
  bundler (~> 2.0)
  consimilo!
  minitest (~> 5.0)
  rake (~> 10.0)

BUNDLED WITH
   2.0.1
